GEM
  remote: http://rubygems.org/
  specs:
    addressable (2.2.6)
    bcrypt-ruby (3.0.1)
    chronic (0.6.4)
    colored (1.2)
    commander (4.0.6)
      highline (~> 1.5.0)
    confit (1.0.1)
    data_objects (0.10.6)
      addressable (~> 2.1)
    dm-aggregates (1.2.0.rc2)
      dm-core (~> 1.2.0.rc2)
    dm-core (1.2.0.rc2)
      addressable (~> 2.2.6)
    dm-do-adapter (1.2.0.rc2)
      data_objects (~> 0.10.6)
      dm-core (~> 1.2.0.rc2)
    dm-migrations (1.2.0.rc2)
      dm-core (~> 1.2.0.rc2)
    dm-postgres-adapter (1.2.0.rc2)
      dm-do-adapter (~> 1.2.0.rc2)
      do_postgres (~> 0.10.6)
    dm-timestamps (1.2.0.rc2)
      dm-core (~> 1.2.0.rc2)
    dm-types (1.2.0.rc2)
      bcrypt-ruby (~> 3.0.0)
      dm-core (~> 1.2.0.rc2)
      fastercsv (~> 1.5.4)
      json (~> 1.5.4)
      multi_json (~> 1.0.3)
      stringex (~> 1.3.0)
      uuidtools (~> 2.1.2)
    dm-validations (1.2.0.rc2)
      dm-core (~> 1.2.0.rc2)
    do_postgres (0.10.6)
      data_objects (= 0.10.6)
    extlib (0.9.15)
    fastercsv (1.5.4)
    highline (1.5.2)
    json (1.5.4)
    multi_json (1.0.3)
    rake (0.8.7)
    stringex (1.3.0)
    uuidtools (2.1.2)

PLATFORMS
  ruby

DEPENDENCIES
  chronic
  colored (~> 1.2)
  commander (= 4.0.6)
  confit (= 1.0.1)
  dm-aggregates (= 1.2.0.rc2)
  dm-core (= 1.2.0.rc2)
  dm-migrations (= 1.2.0.rc2)
  dm-postgres-adapter (= 1.2.0.rc2)
  dm-timestamps (= 1.2.0.rc2)
  dm-types (= 1.2.0.rc2)
  dm-validations (= 1.2.0.rc2)
  extlib
  rake (= 0.8.7)
