GEM
  remote: http://rubygems.org/
  remote: http://gems.stepchangecloud.com/
  specs:
    addressable (2.2.1)
    confit (0.0.2)
    crack (0.1.8)
    data_objects (0.10.2)
      addressable (~> 2.1)
    dm-core (1.0.2)
      addressable (~> 2.2)
      extlib (~> 0.9.15)
    dm-do-adapter (1.0.2)
      data_objects (~> 0.10.2)
      dm-core (~> 1.0.2)
    dm-migrations (1.0.2)
      dm-core (~> 1.0.2)
    dm-sqlite-adapter (1.0.2)
      dm-do-adapter (~> 1.0.2)
      do_sqlite3 (~> 0.10.2)
    dm-timestamps (1.0.2)
      dm-core (~> 1.0.2)
    dm-validations (1.0.2)
      dm-core (~> 1.0.2)
    do_sqlite3 (0.10.2)
      data_objects (= 0.10.2)
    extlib (0.9.15)
    httparty (0.6.1)
      crack (= 0.1.8)
    rack (1.1.0)
    rack-flash (0.1.1)
      rack
    sinatra (1.1.0)
      rack (~> 1.1)
      tilt (~> 1.1)
    sinatra_messages (1.0.6)
    sqlite3-ruby (1.3.2)
    tickspot (0.1.0)
    tilt (1.1)

PLATFORMS
  ruby

DEPENDENCIES
  confit
  dm-core
  dm-migrations
  dm-sqlite-adapter
  dm-timestamps
  dm-validations
  httparty
  rack-flash
  sinatra (= 1.1)
  sinatra_messages
  sqlite3-ruby
  tickspot
