GIT
  remote: git://github.com/poeks/dm-pagination.git
  revision: c6de7d60323c1cda9dfbc4e76c83c6ee4fd2bafa
  specs:
    dm-pager (1.0.3)
      dm-aggregates (>= 0.10.1)
      dm-core (>= 0.10.1)

GEM
  remote: http://rubygems.org/
  specs:
    addressable (2.2.5)
    confit (1.0)
    daemons (1.1.3)
    data_objects (0.10.5)
      addressable (~> 2.1)
    dm-aggregates (1.0.2)
      dm-core (~> 1.0.2)
    dm-core (1.0.2)
      addressable (~> 2.2)
      extlib (~> 0.9.15)
    dm-do-adapter (1.0.2)
      data_objects (~> 0.10.2)
      dm-core (~> 1.0.2)
    dm-migrations (1.0.2)
      dm-core (~> 1.0.2)
    dm-sqlite-adapter (1.0.2)
      dm-do-adapter (~> 1.0.2)
      do_sqlite3 (~> 0.10.2)
    dm-timestamps (1.0.2)
      dm-core (~> 1.0.2)
    dm-types (1.0.2)
      dm-core (~> 1.0.2)
      fastercsv (~> 1.5.3)
      json_pure (~> 1.4)
      stringex (~> 1.1.0)
      uuidtools (~> 2.1.1)
    dm-validations (1.0.2)
      dm-core (~> 1.0.2)
    do_sqlite3 (0.10.5)
      data_objects (= 0.10.5)
    eventmachine (0.12.10)
    extlib (0.9.15)
    fastercsv (1.5.4)
    json_pure (1.5.1)
    rack (1.2.1)
    rack-flash (0.1.1)
      rack
    rake (0.8.7)
    sinatra (1.1.0)
      rack (~> 1.1)
      tilt (~> 1.1)
    sqlite3 (1.3.4)
    sqlite3-ruby (1.3.3)
      sqlite3 (>= 1.3.3)
    stringex (1.1.0)
    thin (1.2.11)
      daemons (>= 1.0.9)
      eventmachine (>= 0.12.6)
      rack (>= 1.0.0)
    tilt (1.3)
    uuidtools (2.1.2)

PLATFORMS
  ruby

DEPENDENCIES
  confit (= 1.0)
  dm-aggregates (= 1.0.2)
  dm-core (= 1.0.2)
  dm-migrations (= 1.0.2)
  dm-pager (= 1.0.3)!
  dm-sqlite-adapter
  dm-timestamps (= 1.0.2)
  dm-types (= 1.0.2)
  dm-validations (= 1.0.2)
  rack (= 1.2.1)
  rack-flash (= 0.1.1)
  rake (= 0.8.7)
  sinatra (= 1.1)
  sqlite3-ruby
  thin
