GEM
  remote: http://rubygems.org/
  specs:
    addressable (2.2.6)
    bcrypt-ruby (2.1.4)
    chronic (0.6.4)
    colored (1.2)
    commander (4.0.6)
      highline (~> 1.5.0)
    confit (1.0.1)
    daemons (1.1.4)
    data_objects (0.10.6)
      addressable (~> 2.1)
    dm-aggregates (1.1.0)
      dm-core (~> 1.1.0)
    dm-core (1.1.0)
      addressable (~> 2.2.4)
    dm-do-adapter (1.1.0)
      data_objects (~> 0.10.2)
      dm-core (~> 1.1.0)
    dm-migrations (1.1.0)
      dm-core (~> 1.1.0)
    dm-postgres-adapter (1.1.0)
      dm-do-adapter (~> 1.1.0)
      do_postgres (~> 0.10.2)
    dm-timestamps (1.1.0)
      dm-core (~> 1.1.0)
    dm-types (1.1.0)
      bcrypt-ruby (~> 2.1.4)
      dm-core (~> 1.1.0)
      fastercsv (~> 1.5.4)
      json (~> 1.4.6)
      stringex (~> 1.2.0)
      uuidtools (~> 2.1.2)
    dm-validations (1.1.0)
      dm-core (~> 1.1.0)
    do_postgres (0.10.6)
      data_objects (= 0.10.6)
    eventmachine (0.12.10)
    extlib (0.9.15)
    fastercsv (1.5.4)
    highline (1.5.2)
    json (1.4.6)
    rack (1.3.4)
    rake (0.8.7)
    stringex (1.2.2)
    thin (1.2.11)
      daemons (>= 1.0.9)
      eventmachine (>= 0.12.6)
      rack (>= 1.0.0)
    uuidtools (2.1.2)

PLATFORMS
  ruby

DEPENDENCIES
  chronic
  colored (~> 1.2)
  commander (= 4.0.6)
  confit (= 1.0.1)
  dm-aggregates (= 1.1)
  dm-core (= 1.1)
  dm-migrations (= 1.1)
  dm-postgres-adapter (= 1.1)
  dm-timestamps (= 1.1)
  dm-types (= 1.1)
  dm-validations (= 1.1)
  extlib
  rake (= 0.8.7)
  thin
